GEM
  remote: http://rubygems.org/
  specs:
    activemodel (3.0.3)
      activesupport (= 3.0.3)
      builder (~> 2.1.2)
      i18n (~> 0.4)
    activesupport (3.0.3)
    arel (0.3.3)
      activesupport (>= 3.0.0.beta)
    builder (2.1.2)
    cramp (0.11)
      activemodel (~> 3.0.0.beta3)
      activesupport (~> 3.0.0.beta3)
      arel (= 0.3.3)
      eventmachine (~> 0.12.10)
      mysqlplus (~> 0.1.1)
      rack (~> 1.1.0)
    eventmachine (0.12.10)
    i18n (0.4.2)
    mysqlplus (0.1.2)
    rack (1.1.0)

PLATFORMS
  ruby

DEPENDENCIES
  cramp
